GEM
  remote: http://rubygems.org/
  specs:
    columnize (0.3.6)
    debugger (1.2.1)
      columnize (>= 0.3.1)
      debugger-linecache (~> 1.1.1)
      debugger-ruby_core_source (~> 1.1.4)
    debugger-linecache (1.1.2)
      debugger-ruby_core_source (>= 1.1.1)
    debugger-ruby_core_source (1.1.4)
    eventmachine (1.0.0)
    faye-websocket (0.4.6)
      eventmachine (>= 0.12.0)
    git (1.2.5)
    jeweler (1.8.4)
      bundler (~> 1.0)
      git (>= 1.2.5)
      rake
      rdoc
    json (1.7.5)
    minitest (4.2.0)
    multi_json (1.3.7)
    posix-spawn (0.3.6)
    puma (1.6.3)
      rack (~> 1.2)
    rack (1.4.1)
    rack-contrib (1.1.0)
      rack (>= 0.9.1)
    rake (10.0.1)
    rdoc (3.12)
      json (~> 1.4)
    ruby-prof (0.11.2)
    simplecov (0.7.1)
      multi_json (~> 1.0)
      simplecov-html (~> 0.7.1)
    simplecov-html (0.7.1)
    webkit_remote (0.4.1)
      eventmachine (>= 1.0.0)
      faye-websocket (>= 0.4.6)
      posix-spawn (>= 0.3.6)
    yard (0.8.3)

PLATFORMS
  ruby

DEPENDENCIES
  bundler (>= 1.2.1)
  debugger (>= 1.2.1)
  jeweler (>= 1.8.4)
  minitest (>= 4.1.0)
  puma (>= 1.6.3)
  rack (>= 1.4.1)
  rack-contrib (>= 1.1.0)
  rdoc (>= 3.12)
  ruby-prof (>= 0.11.2)
  simplecov (>= 0.7.1)
  webkit_remote (>= 0.4.1)
  yard (>= 0.8.3)
